PATH
  remote: .
  specs:
    cacheable (0.0.1)
      actionpack
      activesupport
      cityhash
      useragent

GEM
  remote: http://rubygems.org/
  specs:
    actionpack (3.2.12)
      activemodel (= 3.2.12)
      activesupport (= 3.2.12)
      builder (~> 3.0.0)
      erubis (~> 2.7.0)
      journey (~> 1.0.4)
      rack (~> 1.4.5)
      rack-cache (~> 1.2)
      rack-test (~> 0.6.1)
      sprockets (~> 2.2.1)
    activemodel (3.2.12)
      activesupport (= 3.2.12)
      builder (~> 3.0.0)
    activesupport (3.2.12)
      i18n (~> 0.6)
      multi_json (~> 1.0)
    builder (3.0.4)
    cityhash (0.7.0)
    erubis (2.7.0)
    hike (1.2.1)
    i18n (0.6.4)
    journey (1.0.4)
    metaclass (0.0.1)
    minitest (2.11.3)
    mocha (0.10.5)
      metaclass (~> 0.0.1)
    multi_json (1.6.1)
    rack (1.4.5)
    rack-cache (1.2)
      rack (>= 0.4)
    rack-test (0.6.2)
      rack (>= 1.0)
    rake (0.9.2.2)
    sprockets (2.2.2)
      hike (~> 1.2)
      multi_json (~> 1.0)
      rack (~> 1.0)
      tilt (~> 1.1, != 1.3.0)
    tilt (1.3.5)
    useragent (0.4.16)

PLATFORMS
  ruby

DEPENDENCIES
  cacheable!
  minitest
  mocha
  rake
